PATH
  remote: .
  specs:
    system-getifaddrs (0.2.0)

GEM
  remote: http://rubygems.org/
  specs:
    rake (10.0.4)
    rake-compiler (0.8.3)
      rake
    rspec (1.3.2)

PLATFORMS
  ruby

DEPENDENCIES
  rake
  rake-compiler
  rspec (~> 1.3)
  system-getifaddrs!
